GEM
  remote: https://rubygems.org/
  specs:
    CFPropertyList (2.2.0)
    activesupport (3.2.14)
      i18n (~> 0.6, >= 0.6.4)
      multi_json (~> 1.0)
    afmotion (0.6)
      motion-cocoapods (>= 1.2.1)
    awesome_print (1.1.0)
    blankslate (2.1.2.4)
    builder (3.2.2)
    calabash-common (0.0.1)
      cucumber (~> 1.3.0)
    calabash-cucumber (0.9.151)
      CFPropertyList
      awesome_print
      bundler (~> 1.1)
      calabash-common (~> 0.0.1)
      cucumber (~> 1.3.0)
      edn
      httpclient (~> 2.3.3)
      json
      location-one (~> 0.0.10)
      run_loop (~> 0.0.15)
      sim_launcher (= 0.4.6)
      slowhandcuke
    claide (0.3.2)
    cocoapods (0.22.3)
      activesupport (~> 3.2.13)
      claide (~> 0.3.2)
      cocoapods-core (= 0.22.3)
      cocoapods-downloader (~> 0.1.1)
      colored (~> 1.2)
      escape (~> 0.0.4)
      json (~> 1.8.0)
      open4 (~> 1.3.0)
      xcodeproj (~> 0.8.1)
    cocoapods-core (0.22.3)
      activesupport (~> 3.2.13)
      json (~> 1.8.0)
      nap (~> 0.5.1)
    cocoapods-downloader (0.1.1)
    colored (1.2)
    cucumber (1.3.5)
      builder (>= 2.1.2)
      diff-lcs (>= 1.1.3)
      gherkin (~> 2.12.0)
      multi_json (~> 1.7.5)
      multi_test (>= 0.0.2)
    diff-lcs (1.2.4)
    edn (1.0.2)
      parslet (~> 1.4.0)
    escape (0.0.4)
    geocoder (1.1.8)
    gherkin (2.12.0)
      multi_json (~> 1.3)
    httpclient (2.3.3)
    i18n (0.6.4)
    json (1.8.0)
    location-one (0.0.10)
      geocoder (~> 1.1)
      httpclient (~> 2.3.3)
      json
    motion-calabash (0.9.152)
      calabash-cucumber (= 0.9.151)
    motion-cocoapods (1.3.5)
      cocoapods (>= 0.17.0)
    motion-dtrace (0.1.1)
      rake
    motion-testflight (1.5)
    multi_json (1.7.7)
    multi_test (0.0.2)
    nap (0.5.1)
    open4 (1.3.0)
    parslet (1.4.0)
      blankslate (~> 2.0)
    rack (1.5.2)
    rack-protection (1.5.0)
      rack
    rake (10.1.0)
    rake-hooks (1.2.3)
      rake
    run_loop (0.0.15)
      json
      thor
    sim_launcher (0.4.6)
      sinatra
    sinatra (1.4.3)
      rack (~> 1.4)
      rack-protection (~> 1.4)
      tilt (~> 1.3, >= 1.3.4)
    slowhandcuke (0.0.3)
      cucumber
    sugarcube (1.0.1)
    teacup (2.1.1)
    thor (0.18.1)
    tilt (1.4.1)
    xcodeproj (0.8.1)
      activesupport (~> 3.2.13)
      colored (~> 1.2)

PLATFORMS
  ruby

DEPENDENCIES
  afmotion
  motion-calabash
  motion-cocoapods
  motion-dtrace
  motion-testflight
  rake
  rake-hooks
  sugarcube
  teacup
