GEM
  remote: https://rubygems.org/
  specs:
    CFPropertyList (2.2.0)
    activesupport (3.2.12)
      i18n (~> 0.6)
      multi_json (~> 1.0)
    addressable (2.3.3)
    afmotion (0.4)
      motion-cocoapods (>= 1.2.1)
    awesome_print (1.1.0)
    builder (3.2.0)
    calabash-cucumber (0.9.136)
      CFPropertyList
      awesome_print
      bundler (~> 1.1)
      cucumber
      httpclient (= 2.3.2)
      json
      location-one (~> 0.0.9)
      run_loop (= 0.0.5)
      sim_launcher (= 0.4.6)
      slowhandcuke
    cocoapods (0.16.4)
      activesupport (~> 3.2.6)
      colored (~> 1.2)
      escape (~> 0.0.4)
      faraday (~> 0.8.1)
      json (~> 1.7.3)
      octokit (~> 1.7)
      open4 (~> 1.3.0)
      rake (~> 10.0.0)
      xcodeproj (~> 0.5.0)
    colored (1.2)
    cucumber (1.2.3)
      builder (>= 2.1.2)
      diff-lcs (>= 1.1.3)
      gherkin (~> 2.11.6)
      multi_json (~> 1.3)
    diff-lcs (1.2.1)
    escape (0.0.4)
    faraday (0.8.6)
      multipart-post (~> 1.1)
    faraday_middleware (0.9.0)
      faraday (>= 0.7.4, < 0.9)
    geocoder (1.1.6)
    gherkin (2.11.6)
      json (>= 1.7.6)
    hashie (1.2.0)
    httpclient (2.3.2)
    i18n (0.6.4)
    json (1.7.7)
    location-one (0.0.9)
      geocoder (~> 1.1)
      httpclient (= 2.3.2)
      json
    motion-calabash (0.9.137)
      calabash-cucumber (= 0.9.136)
    motion-cocoapods (1.2.1)
      cocoapods (>= 0.14.0)
    motion-dtrace (0.1.1)
      rake
    motion-testflight (1.4)
    multi_json (1.6.1)
    multipart-post (1.2.0)
    netrc (0.7.7)
    octokit (1.23.0)
      addressable (~> 2.2)
      faraday (~> 0.8)
      faraday_middleware (~> 0.9)
      hashie (~> 1.2)
      multi_json (~> 1.3)
      netrc (~> 0.7.7)
    open4 (1.3.0)
    rack (1.5.2)
    rack-protection (1.5.0)
      rack
    rake (10.0.3)
    rake-hooks (1.2.3)
      rake
    run_loop (0.0.5)
      thor
    sim_launcher (0.4.6)
      sinatra
    sinatra (1.4.2)
      rack (~> 1.5, >= 1.5.2)
      rack-protection (~> 1.4)
      tilt (~> 1.3, >= 1.3.4)
    slowhandcuke (0.0.3)
      cucumber
    sugarcube (0.18.17)
    teacup (1.2.7)
      rake
    thor (0.17.0)
    tilt (1.3.6)
    xcodeproj (0.5.0)
      activesupport (~> 3.2.6)
      colored (~> 1.2)

PLATFORMS
  ruby

DEPENDENCIES
  afmotion
  motion-calabash (= 0.9.137)
  motion-cocoapods (~> 1.2)
  motion-dtrace
  motion-testflight
  rake
  rake-hooks
  sugarcube
  teacup
